GIT
  remote: https://github.com/opal/opal-sprockets
  revision: c627d489786c70b9634d4f2b9a5bdfe15d8a304c
  specs:
    opal-sprockets (0.4.0.0.11.0.rc1.3.1.beta2)
      opal (~> 0.11.0.rc1)
      sprockets (~> 3.1)
      tilt (>= 1.4)

PATH
  remote: ../twitch
  specs:
    twitch (0.0.1)
      opal (> 0.10, < 1.0)

GEM
  remote: https://rubygems.org/
  specs:
    ast (2.3.0)
    concurrent-ruby (1.0.5)
    hike (1.2.3)
    opal (0.11.0.rc1)
      ast (>= 2.3.0)
      hike (~> 1.2)
      parser (= 2.3.3.1)
      sourcemap (~> 0.1.0)
    parser (2.3.3.1)
      ast (~> 2.2)
    rack (2.0.3)
    sourcemap (0.1.1)
    sprockets (3.7.1)
      concurrent-ruby (~> 1.0)
      rack (> 1, < 3)
    tilt (2.0.7)

PLATFORMS
  ruby
  x86-mingw32

DEPENDENCIES
  opal (= 0.11.0.rc1)
  opal-sprockets!
  rack
  twitch!

BUNDLED WITH
   1.14.6
